GEM
  remote: http://rubygems.org/
  specs:
    addressable (2.2.5)
    crack (0.1.8)
    faraday (0.6.1)
      addressable (~> 2.2.4)
      multipart-post (~> 1.1.0)
      rack (>= 1.1.0, < 2)
    faraday_middleware (0.6.3)
      faraday (~> 0.6.0)
    haml (3.0.25)
    hashie (1.0.0)
    httparty (0.7.8)
      crack (= 0.1.8)
    json (1.5.1)
    mime-types (1.16)
    multi_json (1.0.0)
    multi_xml (0.2.2)
    multipart-post (1.1.0)
    neography (0.0.15)
      httparty (~> 0.7.3)
      json
    rack (1.2.2)
    rash (0.3.0)
      hashie (~> 1.0.0)
    rest-client (1.6.1)
      mime-types (>= 1.16)
    simple_oauth (0.1.4)
    sinatra (1.1.2)
      rack (~> 1.1)
      tilt (~> 1.2)
    tilt (1.3)
    twitter (1.4.1)
      faraday (~> 0.6.1)
      faraday_middleware (~> 0.6.3)
      hashie (~> 1.0.0)
      multi_json (~> 1.0.0)
      multi_xml (~> 0.2.0)
      rash (~> 0.3.0)
      simple_oauth (~> 0.1.4)

PLATFORMS
  ruby

DEPENDENCIES
  haml (= 3.0.25)
  json
  neography (= 0.0.15)
  rest-client
  sinatra (= 1.1.2)
  twitter
